PATH
  remote: .
  specs:
    capistrano-pinned_releases (1.2.0)
      capistrano (~> 3.4)
      capistrano-bundler (~> 1.1)

GEM
  remote: https://rubygems.org/
  specs:
    airbrussh (1.3.1)
      sshkit (>= 1.6.1, != 1.7.0)
    capistrano (3.11.0)
      airbrussh (>= 1.0.0)
      i18n
      rake (>= 10.0.0)
      sshkit (>= 1.9.0)
    capistrano-bundler (1.5.0)
      capistrano (~> 3.1)
    coderay (1.1.2)
    concurrent-ruby (1.1.5)
    i18n (1.5.3)
      concurrent-ruby (~> 1.0)
    method_source (0.9.2)
    net-scp (1.2.1)
      net-ssh (>= 2.6.5)
    net-ssh (5.1.0)
    pry (0.12.2)
      coderay (~> 1.1.0)
      method_source (~> 0.9.0)
    rake (13.0.1)
    sshkit (1.18.2)
      net-scp (>= 1.1.2)
      net-ssh (>= 2.8.0)

PLATFORMS
  ruby

DEPENDENCIES
  bundler (~> 1.17)
  capistrano-pinned_releases!
  pry
  rake (~> 13.0)

BUNDLED WITH
   1.17.1
